GEM
  remote: http://rubygems.org/
  specs:
    concurrent-ruby (1.1.7)
    cool.io (1.7.0)
    elasticsearch (7.10.0)
      elasticsearch-api (= 7.10.0)
      elasticsearch-transport (= 7.10.0)
    elasticsearch-api (7.10.0)
      multi_json
    elasticsearch-transport (7.10.0)
      faraday (~> 1)
      multi_json
    excon (0.78.1)
    faraday (1.1.0)
      multipart-post (>= 1.2, < 3)
      ruby2_keywords
    fluent-plugin-elasticsearch (1.18.2)
      elasticsearch
      excon
      fluentd (>= 0.12.10)
    fluentd (0.12.43)
      cool.io (>= 1.2.2, < 2.0.0)
      http_parser.rb (>= 0.5.1, < 0.7.0)
      json (>= 1.4.3)
      msgpack (>= 0.5.11, < 2)
      sigdump (~> 0.2.2)
      string-scrub (>= 0.0.3, <= 0.0.5)
      tzinfo (>= 1.0.0)
      tzinfo-data (>= 1.0.0)
      yajl-ruby (~> 1.0)
    http_parser.rb (0.6.0)
    json (2.3.1)
    msgpack (1.3.3)
    multi_json (1.15.0)
    multipart-post (2.1.1)
    ruby2_keywords (0.0.2)
    sigdump (0.2.4)
    string-scrub (0.0.5)
    tzinfo (2.0.3)
      concurrent-ruby (~> 1.0)
    tzinfo-data (1.2020.4)
      tzinfo (>= 1.0.0)
    yajl-ruby (1.4.1)

PLATFORMS
  ruby

DEPENDENCIES
  fluent-plugin-elasticsearch
  fluentd (~> 0.12.29)

RUBY VERSION
   ruby 2.7.2p137

BUNDLED WITH
   2.1.4
